GEM
  remote: https://rubygems.org/
  specs:
    abstract_type (0.0.7)
    adamantium (0.2.0)
      ice_nine (~> 0.11.0)
      memoizable (~> 0.4.0)
    ast (1.1.0)
    coderay (1.1.0)
    concord (0.1.4)
      adamantium (~> 0.1)
      equalizer (~> 0.0.7)
    diff-lcs (1.2.5)
    equalizer (0.0.9)
    ice_nine (0.11.0)
    memoizable (0.4.2)
      thread_safe (~> 0.3, >= 0.3.1)
    parser (2.1.7)
      ast (~> 1.1)
      slop (~> 3.4, >= 3.4.5)
    proc_to_ast (0.0.6)
      coderay
      parser
      unparser
    procto (0.0.2)
    rspec (2.14.1)
      rspec-core (~> 2.14.0)
      rspec-expectations (~> 2.14.0)
      rspec-mocks (~> 2.14.0)
    rspec-core (2.14.8)
    rspec-expectations (2.14.5)
      diff-lcs (>= 1.1.3, < 2.0)
    rspec-mocks (2.14.6)
    rspec-parameterized (0.1.0)
      parser
      proc_to_ast
      rspec (~> 2.13)
      unparser
    slop (3.5.0)
    thread_safe (0.3.3)
    unparser (0.1.10)
      abstract_type (~> 0.0.7)
      adamantium (~> 0.2.0)
      concord (~> 0.1.4)
      equalizer (~> 0.0.9)
      parser (~> 2.1.7)
      procto (~> 0.0.2)

PLATFORMS
  ruby

DEPENDENCIES
  rspec
  rspec-parameterized
